GEM
  remote: https://rubygems.org/
  specs:
    activesupport (5.0.0)
      concurrent-ruby (~> 1.0, >= 1.0.2)
      i18n (~> 0.7)
      minitest (~> 5.1)
      tzinfo (~> 1.1)
    addressable (2.4.0)
    concurrent-ruby (1.0.2)
    cookiejar (0.3.3)
    daemons (1.2.3)
    dotenv (2.1.1)
    em-http-request (1.1.5)
      addressable (>= 2.3.4)
      cookiejar (!= 0.3.1)
      em-socksify (>= 0.3)
      eventmachine (>= 1.0.3)
      http_parser.rb (>= 0.6.0)
    em-socksify (0.3.1)
      eventmachine (>= 1.0.0.beta.4)
    eventmachine (1.2.0.1)
    faraday (0.9.2)
      multipart-post (>= 1.2, < 3)
    faraday_middleware (0.10.0)
      faraday (>= 0.7.4, < 0.10)
    foreman (0.82.0)
      thor (~> 0.19.1)
    gli (2.14.0)
    hashie (3.4.4)
    hipbot (1.0.3)
      activesupport (>= 3.0.0)
      daemons (~> 1.1)
      em-http-request (~> 1.1)
      eventmachine (~> 1.0)
      xmpp4r-hipchat (= 0.0.4)
    http_parser.rb (0.6.0)
    i18n (0.7.0)
    json (2.0.1)
    minitest (5.9.0)
    multipart-post (2.0.0)
    rack (1.6.4)
    rack-protection (1.5.3)
      rack
    sinatra (1.4.7)
      rack (~> 1.5)
      rack-protection (~> 1.4)
      tilt (>= 1.3, < 3)
    slack-ruby-client (0.7.5)
      activesupport
      faraday
      faraday_middleware
      gli
      hashie
      json
      websocket-driver
    thor (0.19.1)
    thread_safe (0.3.5)
    tilt (2.0.5)
    tzinfo (1.2.2)
      thread_safe (~> 0.1)
    websocket-driver (0.6.4)
      websocket-extensions (>= 0.1.0)
    websocket-extensions (0.1.2)
    xmpp4r (0.5.6)
    xmpp4r-hipchat (0.0.4)
      xmpp4r (~> 0.5)

PLATFORMS
  ruby

DEPENDENCIES
  dotenv
  foreman
  hipbot
  sinatra
  slack-ruby-client

RUBY VERSION
   ruby 2.3.1p112

BUNDLED WITH
   1.12.5
